GIT
  remote: git://github.com/fcpeuro/spree.git
  revision: e97c2099b415adb5ed2475c5938886e017adabe3
  branch: activemerchant_latest
  specs:
    spree (2.4.7.beta)
      spree_api (= 2.4.7.beta)
      spree_backend (= 2.4.7.beta)
      spree_cmd (= 2.4.7.beta)
      spree_core (= 2.4.7.beta)
      spree_frontend (= 2.4.7.beta)
      spree_sample (= 2.4.7.beta)
    spree_api (2.4.7.beta)
      rabl (~> 0.9.4.pre1)
      spree_core (= 2.4.7.beta)
      versioncake (~> 2.3.1)
    spree_backend (2.4.7.beta)
      jquery-rails (~> 3.1.2)
      jquery-ui-rails (~> 5.0.0)
      select2-rails (= 3.5.9.1)
      spree_api (= 2.4.7.beta)
      spree_core (= 2.4.7.beta)
    spree_cmd (2.4.7.beta)
      thor (~> 0.14)
    spree_core (2.4.7.beta)
      activemerchant (~> 1.78.0)
      acts_as_list (~> 0.3)
      awesome_nested_set (~> 3.0.1)
      cancancan (~> 1.9.2)
      carmen (~> 1.0.0)
      deface (~> 1.0.0)
      ffaker (~> 1.16)
      font-awesome-rails (~> 4.0)
      friendly_id (~> 5.0.4)
      highline (~> 1.6.18)
      httparty (~> 0.11)
      json (~> 1.7)
      kaminari (~> 0.15, >= 0.15.1)
      monetize (~> 1.1)
      paperclip (~> 4.2.0)
      paranoia (~> 2.0.5)
      premailer-rails
      rails (~> 4.1.11)
      ransack (~> 1.4.1)
      state_machine (= 1.2.0)
      stringex (~> 1.5.1)
      truncate_html (= 0.9.2)
      twitter_cldr (~> 3.0)
    spree_frontend (2.4.7.beta)
      canonical-rails (~> 0.0.4)
      jquery-rails (~> 3.1.2)
      spree_api (= 2.4.7.beta)
      spree_core (= 2.4.7.beta)
    spree_sample (2.4.7.beta)
      spree_core (= 2.4.7.beta)

PATH
  remote: .
  specs:
    spree_gateway (2.4.1)
      spree_core (~> 2.4.0)

GEM
  remote: https://rubygems.org/
  specs:
    actionmailer (4.1.11)
      actionpack (= 4.1.11)
      actionview (= 4.1.11)
      mail (~> 2.5, >= 2.5.4)
    actionpack (4.1.11)
      actionview (= 4.1.11)
      activesupport (= 4.1.11)
      rack (~> 1.5.2)
      rack-test (~> 0.6.2)
    actionview (4.1.11)
      activesupport (= 4.1.11)
      builder (~> 3.1)
      erubis (~> 2.7.0)
    activemerchant (1.78.0)
      activesupport (>= 3.2.14, < 6.x)
      builder (>= 2.1.2, < 4.0.0)
      i18n (>= 0.6.9)
      nokogiri (~> 1.4)
    activemodel (4.1.11)
      activesupport (= 4.1.11)
      builder (~> 3.1)
    activerecord (4.1.11)
      activemodel (= 4.1.11)
      activesupport (= 4.1.11)
      arel (~> 5.0.0)
    activesupport (4.1.11)
      i18n (~> 0.6, >= 0.6.9)
      json (~> 1.7, >= 1.7.7)
      minitest (~> 5.1)
      thread_safe (~> 0.1)
      tzinfo (~> 1.1)
    acts_as_list (0.9.12)
      activerecord (>= 3.0)
    addressable (2.3.8)
    arel (5.0.1.20140414130214)
    awesome_nested_set (3.0.3)
      activerecord (>= 4.0.0, < 5)
    braintree (2.88.0)
      builder (>= 2.0.0)
    builder (3.2.3)
    camertron-eprun (1.1.1)
    cancancan (1.9.2)
    canonical-rails (0.0.11)
      rails (>= 3.1, < 5.0)
    capybara (2.18.0)
      addressable
      mini_mime (>= 0.1.3)
      nokogiri (>= 1.3.3)
      rack (>= 1.0.0)
      rack-test (>= 0.5.4)
      xpath (>= 2.0, < 4.0)
    carmen (1.0.2)
      activesupport (>= 3.0.0)
    celluloid (0.17.3)
      celluloid-essentials
      celluloid-extras
      celluloid-fsm
      celluloid-pool
      celluloid-supervision
      timers (>= 4.1.1)
    celluloid-essentials (0.20.5)
      timers (>= 4.1.1)
    celluloid-extras (0.20.5)
      timers (>= 4.1.1)
    celluloid-fsm (0.20.5)
      timers (>= 4.1.1)
    celluloid-pool (0.20.5)
      timers (>= 4.1.1)
    celluloid-supervision (0.20.6)
      timers (>= 4.1.1)
    childprocess (0.9.0)
      ffi (~> 1.0, >= 1.0.11)
    cldr-plurals-runtime-rb (1.0.1)
    climate_control (0.2.0)
    cliver (0.3.2)
    cocaine (0.5.8)
      climate_control (>= 0.0.3, < 1.0)
    coderay (1.1.2)
    coffee-rails (4.0.1)
      coffee-script (>= 2.2.0)
      railties (>= 4.0.0, < 5.0)
    coffee-script (2.4.1)
      coffee-script-source
      execjs
    coffee-script-source (1.12.2)
    colorize (0.8.1)
    concurrent-ruby (1.0.5)
    css_parser (1.6.0)
      addressable
    database_cleaner (1.2.0)
    deface (1.0.2)
      colorize (>= 0.5.8)
      nokogiri (~> 1.6.0)
      polyglot
      rails (>= 3.1)
    diff-lcs (1.3)
    docile (1.3.0)
    erubis (2.7.0)
    execjs (2.7.0)
    factory_girl (4.9.0)
      activesupport (>= 3.0.0)
    ffaker (1.32.1)
    ffi (1.9.23)
    font-awesome-rails (4.7.0.4)
      railties (>= 3.2, < 6.0)
    formatador (0.2.5)
    friendly_id (5.0.5)
      activerecord (>= 4.0.0)
    guard (2.14.2)
      formatador (>= 0.2.4)
      listen (>= 2.7, < 4.0)
      lumberjack (>= 1.0.12, < 2.0)
      nenv (~> 0.1)
      notiffany (~> 0.0)
      pry (>= 0.9.12)
      shellany (~> 0.0)
      thor (>= 0.18.1)
    guard-rspec (2.6.0)
      guard (>= 1.8)
      rspec (~> 2.13)
    highline (1.6.21)
    hike (1.2.3)
    hitimes (1.2.6)
    htmlentities (4.3.4)
    httparty (0.16.2)
      multi_xml (>= 0.5.2)
    i18n (0.9.5)
      concurrent-ruby (~> 1.0)
    jquery-rails (3.1.5)
      railties (>= 3.0, < 5.0)
      thor (>= 0.14, < 2.0)
    jquery-ui-rails (5.0.5)
      railties (>= 3.2.16)
    json (1.8.6)
    kaminari (0.17.0)
      actionpack (>= 3.0.0)
      activesupport (>= 3.0.0)
    launchy (2.4.3)
      addressable (~> 2.3)
    listen (2.7.5)
      celluloid (>= 0.15.2)
      rb-fsevent (>= 0.9.3)
      rb-inotify (>= 0.9)
    lumberjack (1.0.13)
    mail (2.7.0)
      mini_mime (>= 0.1.1)
    method_source (0.9.0)
    mime-types (2.4.3)
    mini_mime (1.0.0)
    mini_portile2 (2.1.0)
    minitest (5.11.3)
    monetize (1.8.0)
      money (~> 6.11.2)
    money (6.11.2)
      i18n (>= 0.6.4, < 1.1)
    multi_json (1.13.1)
    multi_xml (0.6.0)
    mysql2 (0.3.21)
    nenv (0.3.0)
    nokogiri (1.6.8.1)
      mini_portile2 (~> 2.1.0)
    notiffany (0.1.1)
      nenv (~> 0.1)
      shellany (~> 0.0)
    paperclip (4.2.4)
      activemodel (>= 3.2.0)
      activesupport (>= 3.2.0)
      cocaine (~> 0.5.5)
      mime-types
    paranoia (2.0.5)
      activerecord (~> 4.0)
    pg (0.17.1)
    poltergeist (1.15.0)
      capybara (~> 2.1)
      cliver (~> 0.3.1)
      websocket-driver (>= 0.2.0)
    polyamorous (1.3.3)
      activerecord (>= 3.0)
    polyglot (0.3.5)
    premailer (1.8.0)
      css_parser (>= 1.3.5)
      htmlentities (>= 4.0.0)
    premailer-rails (1.10.2)
      actionmailer (>= 3, < 6)
      premailer (~> 1.7, >= 1.7.9)
    pry (0.11.3)
      coderay (~> 1.1.0)
      method_source (~> 0.9.0)
    rabl (0.9.4.pre1)
      activesupport (>= 2.3.14)
    rack (1.5.5)
    rack-test (0.6.3)
      rack (>= 1.0)
    rails (4.1.11)
      actionmailer (= 4.1.11)
      actionpack (= 4.1.11)
      actionview (= 4.1.11)
      activemodel (= 4.1.11)
      activerecord (= 4.1.11)
      activesupport (= 4.1.11)
      bundler (>= 1.3.0, < 2.0)
      railties (= 4.1.11)
      sprockets-rails (~> 2.0)
    railties (4.1.11)
      actionpack (= 4.1.11)
      activesupport (= 4.1.11)
      rake (>= 0.8.7)
      thor (>= 0.18.1, < 2.0)
    rake (10.5.0)
    ransack (1.4.1)
      actionpack (>= 3.0)
      activerecord (>= 3.0)
      activesupport (>= 3.0)
      i18n
      polyamorous (~> 1.1)
    rb-fsevent (0.10.3)
    rb-inotify (0.9.10)
      ffi (>= 0.5.0, < 2)
    rspec (2.99.0)
      rspec-core (~> 2.99.0)
      rspec-expectations (~> 2.99.0)
      rspec-mocks (~> 2.99.0)
    rspec-activemodel-mocks (1.0.3)
      activemodel (>= 3.0)
      activesupport (>= 3.0)
      rspec-mocks (>= 2.99, < 4.0)
    rspec-collection_matchers (1.1.3)
      rspec-expectations (>= 2.99.0.beta1)
    rspec-core (2.99.2)
    rspec-expectations (2.99.2)
      diff-lcs (>= 1.1.3, < 2.0)
    rspec-mocks (2.99.4)
    rspec-rails (2.99.0)
      actionpack (>= 3.0)
      activemodel (>= 3.0)
      activesupport (>= 3.0)
      railties (>= 3.0)
      rspec-collection_matchers
      rspec-core (~> 2.99.0)
      rspec-expectations (~> 2.99.0)
      rspec-mocks (~> 2.99.0)
    rubyzip (1.2.1)
    sass (3.2.19)
    sass-rails (4.0.5)
      railties (>= 4.0.0, < 5.0)
      sass (~> 3.2.2)
      sprockets (~> 2.8, < 3.0)
      sprockets-rails (~> 2.0)
    select2-rails (3.5.9.1)
      thor (~> 0.14)
    selenium-webdriver (2.44.0)
      childprocess (~> 0.5)
      multi_json (~> 1.0)
      rubyzip (~> 1.0)
      websocket (~> 1.0)
    shellany (0.0.1)
    simplecov (0.16.1)
      docile (~> 1.1)
      json (>= 1.8, < 3)
      simplecov-html (~> 0.10.0)
    simplecov-html (0.10.2)
    sprockets (2.12.4)
      hike (~> 1.2)
      multi_json (~> 1.0)
      rack (~> 1.0)
      tilt (~> 1.1, != 1.3.0)
    sprockets-rails (2.3.3)
      actionpack (>= 3.0)
      activesupport (>= 3.0)
      sprockets (>= 2.8, < 4.0)
    sqlite3 (1.3.13)
    state_machine (1.2.0)
    stringex (1.5.1)
    thor (0.20.0)
    thread_safe (0.3.6)
    tilt (1.4.1)
    timers (4.1.2)
      hitimes
    truncate_html (0.9.2)
    twitter_cldr (3.6.0)
      camertron-eprun
      cldr-plurals-runtime-rb (~> 1.0)
      tzinfo
    tzinfo (1.2.5)
      thread_safe (~> 0.1)
    versioncake (2.3.1)
      actionpack (>= 3.2)
      activesupport (>= 3.2)
      railties (>= 3.2)
      tzinfo
    websocket (1.2.5)
    websocket-driver (0.7.0)
      websocket-extensions (>= 0.1.0)
    websocket-extensions (0.1.3)
    xpath (2.1.0)
      nokogiri (~> 1.3)

PLATFORMS
  ruby

DEPENDENCIES
  addressable (~> 2.3.6)
  braintree
  capybara
  coffee-rails (~> 4.0.0)
  database_cleaner (= 1.2.0)
  factory_girl (~> 4.4)
  ffaker
  guard-rspec (~> 2.6)
  launchy
  listen (= 2.7.5)
  mime-types (~> 2.4.3)
  mysql2 (~> 0.3.17)
  pg (~> 0.17.1)
  poltergeist (~> 1.15.0)
  premailer (= 1.8.0)
  pry
  rails (= 4.1.11)
  rake (< 11.0)
  rspec-activemodel-mocks
  rspec-rails (~> 2.99)
  sass-rails (~> 4.0.2)
  selenium-webdriver (~> 2.44.0)
  simplecov
  spree!
  spree_gateway!
  sqlite3

BUNDLED WITH
   1.16.1
